PATH
  remote: /projects/skydb/sky.rb
  specs:
    skydb (0.1.0)
      msgpack (~> 0.4.7)

GEM
  remote: http://rubygems.org/
  specs:
    backports (2.6.4)
    chronic (0.8.0)
    eventmachine (1.0.0)
    json (1.7.5)
    msgpack (0.4.7)
    rack (1.4.1)
    rack-protection (1.2.0)
      rack
    rack-test (0.6.2)
      rack (>= 1.0)
    sinatra (1.3.3)
      rack (~> 1.3, >= 1.3.6)
      rack-protection (~> 1.2)
      tilt (~> 1.3, >= 1.3.3)
    sinatra-contrib (1.3.1)
      backports (>= 2.0)
      eventmachine
      rack-protection
      rack-test
      sinatra (~> 1.3.0)
      tilt (~> 1.3)
    tilt (1.3.3)
    unindentable (0.1.0)
    yajl-ruby (1.1.0)

PLATFORMS
  ruby

DEPENDENCIES
  chronic (~> 0.8.0)
  json (~> 1.7.5)
  sinatra (~> 1.3.3)
  sinatra-contrib (~> 1.3.1)
  skydb!
  unindentable (~> 0.1.0)
  yajl-ruby (~> 1.1.0)
