PATH
  remote: /projects/skydb/sky.rb
  specs:
    skydb (0.1.0)
      msgpack (~> 0.4.7)

GEM
  remote: http://rubygems.org/
  specs:
    chronic (0.8.0)
    msgpack (0.4.7)
    rack (1.4.1)
    rack-protection (1.2.0)
      rack
    sinatra (1.3.3)
      rack (~> 1.3, >= 1.3.6)
      rack-protection (~> 1.2)
      tilt (~> 1.3, >= 1.3.3)
    tilt (1.3.3)
    unindentable (0.1.0)
    yajl-ruby (1.1.0)

PLATFORMS
  ruby

DEPENDENCIES
  chronic (~> 0.8.0)
  sinatra (~> 1.3.3)
  skydb!
  unindentable (~> 0.1.0)
  yajl-ruby (~> 1.1.0)
